PATH
  remote: .
  specs:
    zuora_connect (0.0.1)
      apartment
      aws-sdk-s3
      bundler (~> 1.12)
      httparty (~> 0.16.4, >= 0.16.4)
      lograge
      mono_logger (~> 1.0)
      ougai
      railties (>= 4.1.0, < 5.1)
      raindrops
      zuora_api (~> 1.6.21, >= 1.6.21)

GEM
  remote: https://rubygems.org/
  specs:
    actionpack (5.0.7)
      actionview (= 5.0.7)
      activesupport (= 5.0.7)
      rack (~> 2.0)
      rack-test (~> 0.6.3)
      rails-dom-testing (~> 2.0)
      rails-html-sanitizer (~> 1.0, >= 1.0.2)
    actionview (5.0.7)
      activesupport (= 5.0.7)
      builder (~> 3.1)
      erubis (~> 2.7.0)
      rails-dom-testing (~> 2.0)
      rails-html-sanitizer (~> 1.0, >= 1.0.3)
    activemodel (5.0.7)
      activesupport (= 5.0.7)
    activerecord (5.0.7)
      activemodel (= 5.0.7)
      activesupport (= 5.0.7)
      arel (~> 7.0)
    activesupport (5.0.7)
      concurrent-ruby (~> 1.0, >= 1.0.2)
      i18n (>= 0.7, < 2)
      minitest (~> 5.1)
      tzinfo (~> 1.1)
    addressable (2.5.2)
      public_suffix (>= 2.0.2, < 4.0)
    apartment (2.2.0)
      activerecord (>= 3.1.2, < 6.0)
      parallel (>= 0.7.1)
      public_suffix (>= 2)
      rack (>= 1.3.6)
    arel (7.1.4)
    aws-eventstream (1.0.3)
    aws-partitions (1.156.0)
    aws-sdk-core (3.49.0)
      aws-eventstream (~> 1.0, >= 1.0.2)
      aws-partitions (~> 1.0)
      aws-sigv4 (~> 1.1)
      jmespath (~> 1.0)
    aws-sdk-kms (1.17.0)
      aws-sdk-core (~> 3, >= 3.48.2)
      aws-sigv4 (~> 1.1)
    aws-sdk-s3 (1.36.1)
      aws-sdk-core (~> 3, >= 3.48.2)
      aws-sdk-kms (~> 1)
      aws-sigv4 (~> 1.0)
    aws-sigv4 (1.1.0)
      aws-eventstream (~> 1.0, >= 1.0.2)
    benchmark-ips (2.7.2)
    builder (3.2.3)
    concurrent-ruby (1.0.5)
    crack (0.4.3)
      safe_yaml (~> 1.0.0)
    crass (1.0.4)
    derailed (0.1.0)
      derailed_benchmarks
    derailed_benchmarks (1.3.4)
      benchmark-ips (~> 2)
      get_process_mem (~> 0)
      heapy (~> 0)
      memory_profiler (~> 0)
      rack (>= 1)
      rake (> 10, < 13)
      thor (~> 0.19)
    diff-lcs (1.3)
    erubis (2.7.0)
    factory_bot (4.10.0)
      activesupport (>= 3.0.0)
    fakeredis (0.7.0)
      redis (>= 3.2, < 5.0)
    get_process_mem (0.2.2)
    hashdiff (0.3.7)
    heapy (0.1.3)
    httparty (0.16.4)
      mime-types (~> 3.0)
      multi_xml (>= 0.5.2)
    i18n (1.0.1)
      concurrent-ruby (~> 1.0)
    jmespath (1.4.0)
    lograge (0.11.0)
      actionpack (>= 4)
      activesupport (>= 4)
      railties (>= 4)
      request_store (~> 1.0)
    loofah (2.2.2)
      crass (~> 1.0.2)
      nokogiri (>= 1.5.9)
    memory_profiler (0.9.10)
    method_source (0.9.0)
    mime-types (3.2.2)
      mime-types-data (~> 3.2015)
    mime-types-data (3.2019.0331)
    mini_portile2 (2.3.0)
    minitest (5.11.3)
    mono_logger (1.1.0)
    multi_xml (0.6.0)
    nokogiri (1.8.3)
      mini_portile2 (~> 2.3.0)
    oj (3.7.12)
    ougai (1.7.1)
      oj (~> 3.4)
    parallel (1.17.0)
    pg (1.0.0)
    public_suffix (3.0.3)
    rack (2.0.5)
    rack-test (0.6.3)
      rack (>= 1.0)
    rails-dom-testing (2.0.3)
      activesupport (>= 4.2.0)
      nokogiri (>= 1.6)
    rails-html-sanitizer (1.0.4)
      loofah (~> 2.2, >= 2.2.2)
    railties (5.0.7)
      actionpack (= 5.0.7)
      activesupport (= 5.0.7)
      method_source
      rake (>= 0.8.7)
      thor (>= 0.18.1, < 2.0)
    raindrops (0.19.0)
    rake (12.3.1)
    redis (4.0.1)
    request_store (1.4.1)
      rack (>= 1.4)
    rspec (3.7.0)
      rspec-core (~> 3.7.0)
      rspec-expectations (~> 3.7.0)
      rspec-mocks (~> 3.7.0)
    rspec-core (3.7.1)
      rspec-support (~> 3.7.0)
    rspec-expectations (3.7.0)
      diff-lcs (>= 1.2.0, < 2.0)
      rspec-support (~> 3.7.0)
    rspec-mocks (3.7.0)
      diff-lcs (>= 1.2.0, < 2.0)
      rspec-support (~> 3.7.0)
    rspec-rails (3.7.2)
      actionpack (>= 3.0)
      activesupport (>= 3.0)
      railties (>= 3.0)
      rspec-core (~> 3.7.0)
      rspec-expectations (~> 3.7.0)
      rspec-mocks (~> 3.7.0)
      rspec-support (~> 3.7.0)
    rspec-support (3.7.1)
    rubyzip (1.2.2)
    safe_yaml (1.0.4)
    thor (0.20.0)
    thread_safe (0.3.6)
    tzinfo (1.2.5)
      thread_safe (~> 0.1)
    webmock (3.4.2)
      addressable (>= 2.3.6)
      crack (>= 0.3.2)
      hashdiff
    zuora_api (1.6.255)
      httparty
      nokogiri
      railties (>= 4.1.0, < 5.2)
      rubyzip

PLATFORMS
  ruby

DEPENDENCIES
  derailed
  factory_bot
  fakeredis
  pg
  rspec (~> 3.0)
  rspec-expectations
  rspec-rails
  webmock
  zuora_connect!

BUNDLED WITH
   1.17.2
